GEM
  specs:

PLATFORMS
  ruby

DEPENDENCIES

BUNDLED WITH
   1.13.6
